GEM
  remote: https://rubygems.org/
  specs:
    aws-sdk (2.6.38)
      aws-sdk-resources (= 2.6.38)
    aws-sdk-core (2.6.38)
      aws-sigv4 (~> 1.0)
      jmespath (~> 1.0)
    aws-sdk-resources (2.6.38)
      aws-sdk-core (= 2.6.38)
    aws-sigv4 (1.0.0)
    coderay (1.1.1)
    diffy (3.1.0)
    hashie (3.4.6)
    highline (1.7.8)
    jmespath (1.3.1)
    kumogata2 (0.1.8)
      aws-sdk (>= 2.3.0)
      coderay
      diffy
      hashie
      highline
      term-ansicolor
    term-ansicolor (1.4.0)
      tins (~> 1.0)
    tins (1.13.0)

PLATFORMS
  ruby

DEPENDENCIES
  kumogata2

BUNDLED WITH
   1.13.6
