GEM
  remote: https://rubygems.org/
  specs:
    annotate_gem (0.0.11)
      bundler (~> 1.1)
    ast (2.3.0)
    aws-sdk (2.10.32)
      aws-sdk-resources (= 2.10.32)
    aws-sdk-core (2.10.32)
      aws-sigv4 (~> 1.0)
      jmespath (~> 1.0)
    aws-sdk-resources (2.10.32)
      aws-sdk-core (= 2.10.32)
    aws-sigv4 (1.0.1)
    coderay (1.1.1)
    diffy (3.2.0)
    dslh (0.4.8)
    hashie (3.5.6)
    highline (1.7.8)
    jmespath (1.3.1)
    kumogata2 (0.1.15)
      aws-sdk (>= 2.3.0)
      coderay
      diffy
      hashie
      highline
      term-ansicolor
    kumogata2-plugin-ruby (0.1.6)
      dslh (>= 0.3.7)
      kumogata2
    parallel (1.12.0)
    parser (2.4.0.0)
      ast (~> 2.2)
    powerpack (0.1.1)
    rainbow (2.2.2)
      rake
    rake (12.0.0)
    rubocop (0.49.1)
      parallel (~> 1.10)
      parser (>= 2.3.3.1, < 3.0)
      powerpack (~> 0.1)
      rainbow (>= 1.99.1, < 3.0)
      ruby-progressbar (~> 1.7)
      unicode-display_width (~> 1.0, >= 1.0.1)
    ruby-progressbar (1.8.1)
    term-ansicolor (1.6.0)
      tins (~> 1.0)
    tins (1.15.0)
    unicode-display_width (1.3.0)

PLATFORMS
  ruby

DEPENDENCIES
  annotate_gem
  aws-sdk
  kumogata2
  kumogata2-plugin-ruby
  rubocop

BUNDLED WITH
   1.15.4
