GEM
  remote: https://rubygems.org/
  specs:
    ast (2.3.0)
    aws-sdk (2.6.38)
      aws-sdk-resources (= 2.6.38)
    aws-sdk-core (2.6.38)
      aws-sigv4 (~> 1.0)
      jmespath (~> 1.0)
    aws-sdk-resources (2.6.38)
      aws-sdk-core (= 2.6.38)
    aws-sigv4 (1.0.0)
    coderay (1.1.1)
    diffy (3.1.0)
    hashie (3.4.6)
    highline (1.7.8)
    jmespath (1.3.1)
    kumogata2 (0.1.8)
      aws-sdk (>= 2.3.0)
      coderay
      diffy
      hashie
      highline
      term-ansicolor
    parser (2.3.3.1)
      ast (~> 2.2)
    powerpack (0.1.1)
    rainbow (2.1.0)
    rubocop (0.46.0)
      parser (>= 2.3.1.1, < 3.0)
      powerpack (~> 0.1)
      rainbow (>= 1.99.1, < 3.0)
      ruby-progressbar (~> 1.7)
      unicode-display_width (~> 1.0, >= 1.0.1)
    ruby-progressbar (1.8.1)
    term-ansicolor (1.4.0)
      tins (~> 1.0)
    tins (1.13.0)
    unicode-display_width (1.1.2)

PLATFORMS
  ruby

DEPENDENCIES
  kumogata2
  rubocop

BUNDLED WITH
   1.13.6
